GEM
  remote: http://rubygems.org/
  specs:
    activemodel (3.0.1)
      activesupport (= 3.0.1)
      builder (~> 2.1.2)
      i18n (~> 0.4.1)
    activerecord (3.0.1)
      activemodel (= 3.0.1)
      activesupport (= 3.0.1)
      arel (~> 1.0.0)
      tzinfo (~> 0.3.23)
    activesupport (3.0.1)
    arel (1.0.1)
      activesupport (~> 3.0.0)
    builder (2.1.2)
    columnize (0.3.1)
    defined-by (0.0.6)
    i18n (0.4.1)
    linecache (0.43)
    rake (0.8.7)
    ruby-debug (0.10.3)
      columnize (>= 0.1)
      ruby-debug-base (~> 0.10.3.0)
    ruby-debug-base (0.10.3)
      linecache (>= 0.3)
    shoulda (2.11.3)
    sqlite3-ruby (1.3.1)
    test-unit (2.1.1)
    tzinfo (0.3.23)

PLATFORMS
  ruby

DEPENDENCIES
  activerecord
  defined-by
  rake
  ruby-debug
  shoulda
  sqlite3-ruby
  test-unit
